GEM
  remote: https://rubygems.org/
  specs:
    ast (2.4.2)
    base64 (0.1.2)
    csv (3.3.0)
    dotenv (3.1.4)
    event_stream_parser (1.0.0)
    faraday (2.12.0)
      faraday-net_http (>= 2.0, < 3.4)
      json
      logger
    faraday-multipart (1.0.4)
      multipart-post (~> 2)
    faraday-net_http (3.3.0)
      net-http
    json (2.8.1)
    language_server-protocol (3.17.0.3)
    lint_roller (1.1.0)
    logger (1.6.1)
    multipart-post (2.4.1)
    net-http (0.5.0)
      uri
    optparse (0.6.0)
    parallel (1.26.3)
    parser (3.3.6.0)
      ast (~> 2.4.1)
      racc
    racc (1.8.1)
    rainbow (3.1.1)
    regexp_parser (2.9.2)
    rexml (3.3.9)
    rubocop (1.56.4)
      base64 (~> 0.1.1)
      json (~> 2.3)
      language_server-protocol (>= 3.17.0)
      parallel (~> 1.10)
      parser (>= 3.2.2.3)
      rainbow (>= 2.2.2, < 4.0)
      regexp_parser (>= 1.8, < 3.0)
      rexml (>= 3.2.5, < 4.0)
      rubocop-ast (>= 1.28.1, < 2.0)
      ruby-progressbar (~> 1.7)
      unicode-display_width (>= 2.4.0, < 3.0)
    rubocop-ast (1.34.1)
      parser (>= 3.3.1.0)
    rubocop-performance (1.22.1)
      rubocop (>= 1.48.1, < 2.0)
      rubocop-ast (>= 1.31.1, < 2.0)
    ruby-openai (7.3.1)
      event_stream_parser (>= 0.3.0, < 2.0.0)
      faraday (>= 1)
      faraday-multipart (>= 1)
    ruby-progressbar (1.13.0)
    standard (1.31.2)
      language_server-protocol (~> 3.17.0.2)
      lint_roller (~> 1.0)
      rubocop (~> 1.56.4)
      standard-custom (~> 1.0.0)
      standard-performance (~> 1.2)
    standard-custom (1.0.2)
      lint_roller (~> 1.0)
      rubocop (~> 1.50)
    standard-performance (1.5.0)
      lint_roller (~> 1.1)
      rubocop-performance (~> 1.22.0)
    unicode-display_width (2.6.0)
    uri (1.0.1)

PLATFORMS
  arm64-darwin-23
  ruby

DEPENDENCIES
  csv (~> 3.3.0)
  dotenv (~> 3.1.4)
  json (~> 2.8.1)
  net-http (~> 0.5.0)
  optparse (~> 0.6.0)
  ruby-openai (~> 7.3.1)
  standard (~> 1.31.0)
  uri (~> 1.0.1)

BUNDLED WITH
   2.5.23
